GEM
  remote: https://rubygems.org/
  specs:
    chunky_png (1.3.1)
    oily_png (1.1.1)
      chunky_png (~> 1.3.0)
    rmagick (2.13.2)

PLATFORMS
  ruby

DEPENDENCIES
  oily_png (= 1.1.1)
  rmagick (= 2.13.2)
